NUGET
  remote: https://api.nuget.org/v3/index.json
    FSharp.Core (6.0.3)

GROUP Fable
RESTRICTION: == net6.0
NUGET
  remote: https://www.nuget.org/api/v2
    Fable.AST (3.1.1)
    Fable.Browser.Blob (1.2)
      Fable.Core (>= 3.0)
      FSharp.Core (>= 4.7.2)
    Fable.Browser.Dom (2.10)
      Fable.Browser.Blob (>= 1.2)
      Fable.Browser.Event (>= 1.5)
      Fable.Browser.WebStorage (>= 1.1)
      Fable.Core (>= 3.2.8)
      FSharp.Core (>= 4.7.2)
    Fable.Browser.Event (1.5)
      Fable.Browser.Gamepad (>= 1.1)
      Fable.Core (>= 3.0)
      FSharp.Core (>= 4.7.2)
    Fable.Browser.Gamepad (1.1)
      Fable.Core (>= 3.0)
      FSharp.Core (>= 4.7.2)
    Fable.Browser.WebStorage (1.1)
      Fable.Browser.Event (>= 1.5)
      Fable.Core (>= 3.0)
      FSharp.Core (>= 4.7.2)
    Fable.Browser.XMLHttpRequest (1.2)
      Fable.Browser.Blob (>= 1.2)
      Fable.Browser.Event (>= 1.5)
      Fable.Core (>= 3.0)
      FSharp.Core (>= 4.7.2)
    Fable.Core (3.2.8)
      FSharp.Core (>= 4.7.2)
    Fable.Elmish (3.1)
      Fable.Core (>= 3.0)
      FSharp.Core (>= 4.6.2)
    Fable.Elmish.Browser (3.0.4)
      Fable.Browser.Dom (>= 1.0)
      Fable.Core (>= 3.0)
      Fable.Elmish (>= 3.0)
      FSharp.Core (>= 4.6.2)
    Fable.Elmish.Debugger (3.3)
      Fable.Core (>= 3.2.8)
      Fable.Elmish (>= 3.0)
      FSharp.Core (>= 4.7.2)
      Thoth.Json (>= 6.0)
    Fable.Elmish.HMR (4.1)
      Fable.Core (>= 3.0)
      Fable.Elmish.Browser (>= 3.0.4)
      Fable.Elmish.React (>= 3.0.1)
      FSharp.Core (>= 4.6.2)
    Fable.Elmish.React (3.0.1)
      Fable.Core (>= 3.0)
      Fable.Elmish (>= 3.0)
      Fable.React (>= 5.1)
      FSharp.Core (>= 4.6.2)
    Fable.Parsimmon (4.1)
      Fable.Core (>= 3.0)
      FSharp.Core (>= 4.6.2)
    Fable.Promise (3.1.3)
      Fable.Core (>= 3.1.5)
      FSharp.Core (>= 4.7.2)
    Fable.React (8.0.1)
      Fable.Browser.Dom (>= 2.4.4)
      Fable.Core (>= 3.2.7)
      FSharp.Core (>= 4.7.2)
    Fable.SimpleHttp (3.0)
      Fable.Browser.Dom (>= 1.0)
      Fable.Browser.XMLHttpRequest (>= 1.1)
      Fable.Core (>= 3.0)
      FSharp.Core (>= 4.6.2)
    Fable.SimpleJson (3.19)
      Fable.Core (>= 3.1.5)
      Fable.Parsimmon (>= 4.0)
      FSharp.Core (>= 4.7)
    Feliz (1.40)
      Fable.Core (>= 3.1.5)
      Fable.React (>= 7.0.1)
      Feliz.CompilerPlugins (>= 1.5)
      FSharp.Core (>= 4.7.2)
    Feliz.CompilerPlugins (1.9)
      Fable.AST (>= 3.0)
      FSharp.Core (>= 4.7.2)
    FSharp.Core (6.0.4)
    Thoth.Json (7.0)
      Fable.Core (>= 3.1.6)
      FSharp.Core (>= 4.7.2)

GROUP GirraffeWebApp
RESTRICTION: == net6.0
NUGET
  remote: https://www.nuget.org/api/v2
    Azure.Core (1.24)
      Microsoft.Bcl.AsyncInterfaces (>= 1.1.1)
      System.Diagnostics.DiagnosticSource (>= 4.6)
      System.Memory.Data (>= 1.0.2)
      System.Numerics.Vectors (>= 4.5)
      System.Text.Encodings.Web (>= 4.7.2)
      System.Text.Json (>= 4.7.2)
      System.Threading.Tasks.Extensions (>= 4.5.4)
    Azure.Identity (1.6)
      Azure.Core (>= 1.24)
      Microsoft.Identity.Client (>= 4.39)
      Microsoft.Identity.Client.Extensions.Msal (>= 2.19.3)
      System.Memory (>= 4.5.4)
      System.Security.Cryptography.ProtectedData (>= 4.7)
      System.Text.Json (>= 4.7.2)
      System.Threading.Tasks.Extensions (>= 4.5.4)
    Azure.Security.KeyVault.Certificates (4.3)
      Azure.Core (>= 1.23)
      System.Memory (>= 4.5.4)
      System.Text.Json (>= 4.7.2)
      System.Threading.Tasks.Extensions (>= 4.5.4)
    Azure.Security.KeyVault.Secrets (4.3)
      Azure.Core (>= 1.23)
      System.Memory (>= 4.5.4)
      System.Text.Json (>= 4.7.2)
      System.Threading.Tasks.Extensions (>= 4.5.4)
    Fable.Core (3.7.1)
    FSharp.Core (6.0.4)
    Giraffe (6.0)
      FSharp.Core (>= 6.0.1)
      Giraffe.ViewEngine (>= 1.3)
      Microsoft.IO.RecyclableMemoryStream (>= 2.2)
      Newtonsoft.Json (>= 13.0.1)
      System.Text.Json (>= 6.0.2)
      Utf8Json (>= 1.3.7)
    Giraffe.ViewEngine (1.4)
      FSharp.Core (>= 5.0)
    Microsoft.AspNetCore.Authentication.JwtBearer (6.0.5)
      Microsoft.IdentityModel.Protocols.OpenIdConnect (>= 6.10)
    Microsoft.AspNetCore.Authentication.OpenIdConnect (6.0.5)
      Microsoft.IdentityModel.Protocols.OpenIdConnect (>= 6.10)
    Microsoft.AspNetCore.Cryptography.Internal (6.0.5)
    Microsoft.AspNetCore.DataProtection (6.0.5)
      Microsoft.AspNetCore.Cryptography.Internal (>= 6.0.5)
      Microsoft.AspNetCore.DataProtection.Abstractions (>= 6.0.5)
      Microsoft.Extensions.DependencyInjection.Abstractions (>= 6.0)
      Microsoft.Extensions.Hosting.Abstractions (>= 6.0)
      Microsoft.Extensions.Logging.Abstractions (>= 6.0.1)
      Microsoft.Extensions.Options (>= 6.0)
      System.Security.Cryptography.Xml (>= 6.0)
    Microsoft.AspNetCore.DataProtection.Abstractions (6.0.5)
    Microsoft.Bcl.AsyncInterfaces (6.0)
    Microsoft.CSharp (4.7)
    Microsoft.Extensions.Caching.Abstractions (6.0)
      Microsoft.Extensions.Primitives (>= 6.0)
    Microsoft.Extensions.Caching.Memory (6.0.1)
      Microsoft.Extensions.Caching.Abstractions (>= 6.0)
      Microsoft.Extensions.DependencyInjection.Abstractions (>= 6.0)
      Microsoft.Extensions.Logging.Abstractions (>= 6.0)
      Microsoft.Extensions.Options (>= 6.0)
      Microsoft.Extensions.Primitives (>= 6.0)
    Microsoft.Extensions.Configuration.Abstractions (6.0)
      Microsoft.Extensions.Primitives (>= 6.0)
    Microsoft.Extensions.DependencyInjection (6.0)
      Microsoft.Extensions.DependencyInjection.Abstractions (>= 6.0)
      System.Runtime.CompilerServices.Unsafe (>= 6.0)
    Microsoft.Extensions.DependencyInjection.Abstractions (6.0)
    Microsoft.Extensions.FileProviders.Abstractions (6.0)
      Microsoft.Extensions.Primitives (>= 6.0)
    Microsoft.Extensions.Hosting.Abstractions (6.0)
      Microsoft.Extensions.Configuration.Abstractions (>= 6.0)
      Microsoft.Extensions.DependencyInjection.Abstractions (>= 6.0)
      Microsoft.Extensions.FileProviders.Abstractions (>= 6.0)
    Microsoft.Extensions.Logging (6.0)
      Microsoft.Extensions.DependencyInjection (>= 6.0)
      Microsoft.Extensions.DependencyInjection.Abstractions (>= 6.0)
      Microsoft.Extensions.Logging.Abstractions (>= 6.0)
      Microsoft.Extensions.Options (>= 6.0)
      System.Diagnostics.DiagnosticSource (>= 6.0)
    Microsoft.Extensions.Logging.Abstractions (6.0.1)
    Microsoft.Extensions.Options (6.0)
      Microsoft.Extensions.DependencyInjection.Abstractions (>= 6.0)
      Microsoft.Extensions.Primitives (>= 6.0)
    Microsoft.Extensions.Primitives (6.0)
      System.Runtime.CompilerServices.Unsafe (>= 6.0)
    Microsoft.Identity.Client (4.44)
    Microsoft.Identity.Client.Extensions.Msal (2.21)
      Microsoft.Identity.Client (>= 4.44)
      System.IO.FileSystem.AccessControl (>= 5.0)
      System.Security.Cryptography.ProtectedData (>= 4.5)
    Microsoft.Identity.Web (1.25)
      Microsoft.AspNetCore.Authentication.JwtBearer (>= 5.0.12)
      Microsoft.AspNetCore.Authentication.OpenIdConnect (>= 5.0.12)
      Microsoft.Identity.Web.Certificate (>= 1.25)
      Microsoft.Identity.Web.Certificateless (>= 1.25)
      Microsoft.Identity.Web.TokenCache (>= 1.25)
      Microsoft.IdentityModel.Logging (>= 6.17)
      Microsoft.IdentityModel.Protocols.OpenIdConnect (>= 6.17)
      Microsoft.IdentityModel.Validators (>= 6.17)
      System.IdentityModel.Tokens.Jwt (>= 6.17)
      System.Text.Encodings.Web (>= 5.0.1)
    Microsoft.Identity.Web.Certificate (1.25)
      Azure.Identity (>= 1.3)
      Azure.Security.KeyVault.Certificates (>= 4.1)
      Azure.Security.KeyVault.Secrets (>= 4.1)
      System.Text.Encodings.Web (>= 4.7.2)
    Microsoft.Identity.Web.Certificateless (1.25)
      Azure.Identity (>= 1.3)
      System.Text.Encodings.Web (>= 4.7.2)
    Microsoft.Identity.Web.TokenCache (1.25)
      Microsoft.AspNetCore.DataProtection (>= 5.0.8)
      Microsoft.Extensions.Caching.Memory (>= 5.0)
      Microsoft.Extensions.Logging (>= 5.0)
      Microsoft.Identity.Client (>= 4.42)
      System.Text.Encodings.Web (>= 5.0.1)
    Microsoft.Identity.Web.UI (1.25)
      Microsoft.Identity.Web (>= 1.25)
    Microsoft.IdentityModel.Abstractions (6.18)
    Microsoft.IdentityModel.JsonWebTokens (6.18)
      Microsoft.IdentityModel.Tokens (>= 6.18)
    Microsoft.IdentityModel.Logging (6.18)
      Microsoft.IdentityModel.Abstractions (>= 6.18)
    Microsoft.IdentityModel.Protocols (6.18)
      Microsoft.IdentityModel.Logging (>= 6.18)
      Microsoft.IdentityModel.Tokens (>= 6.18)
    Microsoft.IdentityModel.Protocols.OpenIdConnect (6.18)
      Microsoft.IdentityModel.Protocols (>= 6.18)
      System.IdentityModel.Tokens.Jwt (>= 6.18)
    Microsoft.IdentityModel.Tokens (6.18)
      Microsoft.CSharp (>= 4.5)
      Microsoft.IdentityModel.Logging (>= 6.18)
      System.Security.Cryptography.Cng (>= 4.5)
    Microsoft.IdentityModel.Validators (6.18)
      Microsoft.IdentityModel.Protocols (>= 6.18)
      Microsoft.IdentityModel.Protocols.OpenIdConnect (>= 6.18)
      System.IdentityModel.Tokens.Jwt (>= 6.18)
    Microsoft.IO.RecyclableMemoryStream (2.2)
    Newtonsoft.Json (13.0.1)
    Ply (0.3.1)
      FSharp.Core (>= 4.6.2)
      System.Threading.Tasks.Extensions (>= 4.5.4)
    System.Diagnostics.DiagnosticSource (6.0)
      System.Runtime.CompilerServices.Unsafe (>= 6.0)
    System.Formats.Asn1 (6.0)
    System.IdentityModel.Tokens.Jwt (6.18)
      Microsoft.IdentityModel.JsonWebTokens (>= 6.18)
      Microsoft.IdentityModel.Tokens (>= 6.18)
    System.IO.FileSystem.AccessControl (5.0)
      System.Security.AccessControl (>= 5.0)
      System.Security.Principal.Windows (>= 5.0)
    System.Memory (4.5.5)
    System.Memory.Data (6.0)
      System.Text.Json (>= 6.0)
    System.Numerics.Vectors (4.5)
    System.Reflection.Emit (4.7)
    System.Reflection.Emit.Lightweight (4.7)
    System.Runtime.CompilerServices.Unsafe (6.0)
    System.Security.AccessControl (6.0)
    System.Security.Cryptography.Cng (5.0)
      System.Formats.Asn1 (>= 5.0)
    System.Security.Cryptography.Pkcs (6.0.1)
      System.Formats.Asn1 (>= 6.0)
    System.Security.Cryptography.ProtectedData (6.0)
    System.Security.Cryptography.Xml (6.0)
      System.Security.AccessControl (>= 6.0)
      System.Security.Cryptography.Pkcs (>= 6.0)
    System.Security.Principal.Windows (5.0)
    System.Text.Encodings.Web (6.0)
      System.Runtime.CompilerServices.Unsafe (>= 6.0)
    System.Text.Json (6.0.4)
      System.Runtime.CompilerServices.Unsafe (>= 6.0)
      System.Text.Encodings.Web (>= 6.0)
    System.Threading.Tasks.Extensions (4.5.4)
    System.ValueTuple (4.5)
    Thoth.Json.Giraffe (5.0)
      FSharp.Core (>= 5.0.1)
      Giraffe (>= 5.0)
      Thoth.Json.Net (>= 5.0)
    Thoth.Json.Net (8.0)
      Fable.Core (>= 3.0 < 4.0)
      FSharp.Core (>= 4.7.2)
      Newtonsoft.Json (>= 11.0.2)
    Utf8Json (1.3.7)
      System.Reflection.Emit (>= 4.3)
      System.Reflection.Emit.Lightweight (>= 4.3)
      System.Threading.Tasks.Extensions (>= 4.4)
      System.ValueTuple (>= 4.4)
